GEM
  remote: https://rubygems.org/
  specs:
    thrift (0.9.0)

PLATFORMS
  ruby

DEPENDENCIES
  thrift (~> 0.9.0)
